NUGET
  remote: https://www.nuget.org/api/v2
    FAKE (4.63.2)
    FluentAssertions (3.5)
    NUnit (2.6.4)
    NUnit.Runners (2.6.4)
    Paket (5.113)
